GEM
  remote: https://rubygems.org/
  specs:
    event_emitter (0.2.6)
    eventmachine (1.2.5)
    fxruby (1.6.43)
      mini_portile2 (~> 2.1)
    method_source (1.0.0)
    mini_portile2 (2.5.0)
    minitest (5.14.2)
    slop (4.6.2)
    websocket (1.2.9)
    websocket-client-simple (0.3.0)
      event_emitter
      websocket
    websocket-eventmachine-base (1.2.0)
      eventmachine (~> 1.0)
      websocket (~> 1.0)
      websocket-native (~> 1.0)
    websocket-eventmachine-server (1.0.1)
      websocket-eventmachine-base (~> 1.0)
    websocket-native (1.0.0)

PLATFORMS
  x86_64-linux

DEPENDENCIES
  eventmachine (= 1.2.5)
  fxruby (>= 1.6)
  method_source (>= 0.8.2)
  minitest
  slop (= 4.6.2)
  websocket-client-simple (= 0.3.0)
  websocket-eventmachine-server (= 1.0.1)

BUNDLED WITH
   2.2.3
